GEM
  remote: http://rubygems.org/
  specs:
    diff-lcs (1.3)
    knapsack (1.13.2)
      rake
      timecop (>= 0.1.0)
    rake (12.3.3)
    rspec (3.5.0)
      rspec-core (~> 3.5.0)
      rspec-expectations (~> 3.5.0)
      rspec-mocks (~> 3.5.0)
    rspec-core (3.5.4)
      rspec-support (~> 3.5.0)
    rspec-expectations (3.5.0)
      diff-lcs (>= 1.2.0, < 2.0)
      rspec-support (~> 3.5.0)
    rspec-mocks (3.5.0)
      diff-lcs (>= 1.2.0, < 2.0)
      rspec-support (~> 3.5.0)
    rspec-shell-expectations (1.3.0)
    rspec-support (3.5.0)
    timecop (0.8.1)

PLATFORMS
  ruby

DEPENDENCIES
  knapsack
  rake
  rspec
  rspec-shell-expectations

BUNDLED WITH
   1.14.6
